GEM
  remote: http://rubygems.org/
  specs:
    god (0.13.4)

PLATFORMS
  ruby

DEPENDENCIES
  god
